GEM
  remote: https://rubygems.org/
  specs:
    Ascii85 (1.1.1)
    activesupport (7.0.8.4)
      concurrent-ruby (~> 1.0, >= 1.0.2)
      i18n (>= 1.6, < 2)
      minitest (>= 5.1)
      tzinfo (~> 2.0)
    addressable (2.8.7)
      public_suffix (>= 2.0.2, < 7.0)
    afm (0.2.2)
    async (2.15.3)
      console (~> 1.26)
      fiber-annotation
      io-event (~> 1.6, >= 1.6.5)
    autoprefixer-rails (10.4.19.0)
      execjs (~> 2)
    backports (3.25.0)
    bigdecimal (3.1.8)
    coffee-script (2.4.1)
      coffee-script-source
      execjs
    coffee-script-source (1.12.2)
    concurrent-ruby (1.3.4)
    console (1.27.0)
      fiber-annotation
      fiber-local (~> 1.1)
      json
    contracts (0.17)
    dotenv (3.1.2)
    erubis (2.7.0)
    ethon (0.16.0)
      ffi (>= 1.15.0)
    execjs (2.9.1)
    fast_blank (1.0.1)
    fastimage (2.3.1)
    ffi (1.17.0)
    fiber-annotation (0.2.0)
    fiber-local (1.1.0)
      fiber-storage
    fiber-storage (1.0.0)
    haml (6.3.0)
      temple (>= 0.8.2)
      thor
      tilt
    hamster (3.0.0)
      concurrent-ruby (~> 1.0)
    hashery (2.1.2)
    hashie (3.6.0)
    html-proofer (5.0.9)
      addressable (~> 2.3)
      async (~> 2.1)
      nokogiri (~> 1.13)
      pdf-reader (~> 2.11)
      rainbow (~> 3.0)
      typhoeus (~> 1.3)
      yell (~> 2.0)
      zeitwerk (~> 2.5)
    htmlcompressor (0.2.0)
    i18n (1.6.0)
      concurrent-ruby (~> 1.0)
    io-event (1.6.5)
    json (2.7.2)
    kramdown (2.4.0)
      rexml
    listen (3.9.0)
      rb-fsevent (~> 0.10, >= 0.10.3)
      rb-inotify (~> 0.9, >= 0.9.10)
    memoist (0.16.2)
    middleman (4.5.0)
      coffee-script (~> 2.2)
      haml (>= 4.0.5)
      kramdown (>= 2.3.0)
      middleman-cli (= 4.5.0)
      middleman-core (= 4.5.0)
    middleman-autoprefixer (3.0.0)
      autoprefixer-rails (~> 10.0)
      middleman-core (>= 4.0.0)
    middleman-cli (4.5.0)
      thor (>= 0.17.0, < 2.0)
    middleman-core (4.5.0)
      activesupport (>= 6.1, < 7.1)
      addressable (~> 2.4)
      backports (~> 3.6)
      bundler (~> 2.0)
      contracts (~> 0.13)
      dotenv
      erubis
      execjs (~> 2.0)
      fast_blank
      fastimage (~> 2.0)
      hamster (~> 3.0)
      hashie (~> 3.4)
      i18n (~> 1.6.0)
      listen (~> 3.0)
      memoist (~> 0.14)
      padrino-helpers (~> 0.15.0)
      parallel
      rack (>= 1.4.5, < 3)
      sassc (~> 2.0)
      servolux
      tilt (~> 2.0.9)
      toml
      uglifier (~> 3.0)
      webrick
    middleman-inline (0.0.2)
      middleman-core (>= 4.2.0)
    middleman-minify-html (3.4.1)
      htmlcompressor (~> 0.2.0)
      middleman-core (>= 3.2)
    mini_portile2 (2.8.7)
    minitest (5.25.0)
    nokogiri (1.16.7)
      mini_portile2 (~> 2.8.2)
      racc (~> 1.4)
    padrino-helpers (0.15.3)
      i18n (>= 0.6.7, < 2)
      padrino-support (= 0.15.3)
      tilt (>= 1.4.1, < 3)
    padrino-support (0.15.3)
    parallel (1.26.2)
    parslet (2.0.0)
    pdf-reader (2.12.0)
      Ascii85 (~> 1.0)
      afm (~> 0.2.1)
      hashery (~> 2.0)
      ruby-rc4
      ttfunk
    public_suffix (6.0.1)
    racc (1.8.1)
    rack (2.2.9)
    rainbow (3.1.1)
    rb-fsevent (0.11.2)
    rb-inotify (0.11.1)
      ffi (~> 1.0)
    rexml (3.3.5)
      strscan
    ruby-rc4 (0.1.5)
    sassc (2.4.0)
      ffi (~> 1.9)
    servolux (0.13.0)
    strscan (3.1.0)
    temple (0.10.3)
    thor (1.3.1)
    tilt (2.0.11)
    toml (0.3.0)
      parslet (>= 1.8.0, < 3.0.0)
    ttfunk (1.8.0)
      bigdecimal (~> 3.1)
    typhoeus (1.4.1)
      ethon (>= 0.9.0)
    tzinfo (2.0.6)
      concurrent-ruby (~> 1.0)
    uglifier (3.2.0)
      execjs (>= 0.3.0, < 3)
    webrick (1.8.1)
    yell (2.2.2)
    zeitwerk (2.6.17)

PLATFORMS
  ruby

DEPENDENCIES
  html-proofer
  middleman
  middleman-autoprefixer
  middleman-inline
  middleman-minify-html

BUNDLED WITH
   2.5.11
